GEM
  remote: https://rubygems.org/
  specs:
    bson (4.15.0)
    mongo (2.17.1)
      bson (>= 4.8.2, < 5.0.0)
    terminal-table (3.0.2)
      unicode-display_width (>= 1.1.1, < 3)
    unicode-display_width (2.1.0)

PLATFORMS
  ruby

DEPENDENCIES
  mongo
  terminal-table

BUNDLED WITH
   2.1.4
